PATH
  remote: .
  specs:
    riverqueue-sequel (0.0.1)

GEM
  remote: https://rubygems.org/
  specs:

PLATFORMS
  arm64-darwin-22

DEPENDENCIES
  riverqueue-sequel!

BUNDLED WITH
   2.4.20
